GEM
  remote: https://rubygems.org/
  specs:
    backports (3.10.3)
    daemons (1.2.5)
    eventmachine (1.2.5)
    kgio (2.11.0)
    multi_json (1.12.2)
    mustermann (1.0.1)
    rack (2.2.3)
    rack-protection (2.0.0)
      rack
    raindrops (0.19.0)
    sinatra (2.0.0)
      mustermann (~> 1.0)
      rack (~> 2.0)
      rack-protection (= 2.0.0)
      tilt (~> 2.0)
    sinatra-contrib (2.0.0)
      backports (>= 2.0)
      multi_json
      mustermann (~> 1.0)
      rack-protection (= 2.0.0)
      sinatra (= 2.0.0)
      tilt (>= 1.3, < 3)
    thin (1.7.2)
      daemons (~> 1.0, >= 1.0.9)
      eventmachine (~> 1.0, >= 1.0.4)
      rack (>= 1, < 3)
    tilt (2.0.8)
    unicorn (5.3.1)
      kgio (~> 2.6)
      raindrops (~> 0.7)

PLATFORMS
  ruby

DEPENDENCIES
  sinatra
  sinatra-contrib
  thin
  unicorn

RUBY VERSION
   ruby 2.3.4p301

BUNDLED WITH
   1.15.4
